GEM
  remote: https://rubygems.org/
  specs:
    roma-client (0.4.4)

PLATFORMS
  ruby

DEPENDENCIES
  roma-client

BUNDLED WITH
   1.15.4
